GEM
  remote: https://rubygems.org/
  specs:
    backport (1.1.2)
    backports (3.20.1)
    coderay (1.1.3)
    coffee-script (2.4.1)
      coffee-script-source
      execjs
    coffee-script-source (1.12.2)
    concurrent-ruby (1.1.8)
    daemons (1.3.1)
    et-orbi (1.2.4)
      tzinfo
    eventmachine (1.2.7)
    execjs (2.7.0)
    faraday (0.17.3)
      multipart-post (>= 1.2, < 3)
    faraday_middleware (0.14.0)
      faraday (>= 0.7.4, < 1.0)
    fast_gettext (1.1.2)
    ffi (1.14.2)
    fugit (1.4.2)
      et-orbi (~> 1.1, >= 1.1.8)
      raabro (~> 1.4)
    gettext (3.2.9)
      locale (>= 2.0.5)
      text (>= 1.3.0)
    gettext-setup (0.34)
      fast_gettext (~> 1.1.0)
      gettext (>= 3.0.2, < 3.3.0)
      locale
    libv8 (3.16.14.19)
    locale (2.1.3)
    method_source (1.0.0)
    minitar (0.9)
    multi_json (1.15.0)
    multipart-post (2.1.1)
    mustermann (1.1.1)
      ruby2_keywords (~> 0.0.1)
    pry (0.13.1)
      coderay (~> 1.1)
      method_source (~> 1.0)
    puppet_forge (2.3.4)
      faraday (>= 0.9.0, < 0.18.0, != 0.13.1)
      faraday_middleware (>= 0.9.0, < 0.15.0)
      gettext-setup (~> 0.11)
      minitar
      semantic_puppet (~> 1.0)
    raabro (1.4.0)
    rack (2.2.3)
    rack-protection (2.0.8.1)
      rack
    readapt (1.1.1)
      backport (~> 1.1)
      thor (~> 1.0)
    ref (2.0.0)
    ruby2_keywords (0.0.4)
    rufus-scheduler (3.6.0)
      fugit (~> 1.1, >= 1.1.6)
    sassc (2.4.0)
      ffi (~> 1.9)
    semantic_puppet (1.0.3)
    sinatra (2.0.8.1)
      mustermann (~> 1.0)
      rack (~> 2.0)
      rack-protection (= 2.0.8.1)
      tilt (~> 2.0)
    sinatra-contrib (2.0.8.1)
      backports (>= 2.8.2)
      multi_json
      mustermann (~> 1.0)
      rack-protection (= 2.0.8.1)
      sinatra (= 2.0.8.1)
      tilt (~> 2.0)
    smashing (1.3.0)
      coffee-script (~> 2.4.1)
      execjs (~> 2.7.0)
      rack (~> 2.2.2)
      rufus-scheduler (~> 3.6.0)
      sassc (~> 2.0)
      sinatra (~> 2.0.0)
      sinatra-contrib (~> 2.0.0)
      sprockets (~> 4.0)
      thin (~> 1.7.2)
      thor (~> 1.0.1)
    sprockets (4.0.2)
      concurrent-ruby (~> 1.0)
      rack (> 1, < 3)
    text (1.3.1)
    therubyracer (0.12.3)
      libv8 (~> 3.16.14.15)
      ref
    thin (1.7.2)
      daemons (~> 1.0, >= 1.0.9)
      eventmachine (~> 1.0, >= 1.0.4)
      rack (>= 1, < 3)
    thor (1.0.1)
    tilt (2.0.10)
    tzinfo (2.0.4)
      concurrent-ruby (~> 1.0)

PLATFORMS
  ruby
  x86_64-darwin-19

DEPENDENCIES
  execjs
  pry
  puppet_forge
  readapt
  smashing
  therubyracer

BUNDLED WITH
   2.1.4
